GIT
  remote: git://github.com/ncbo/goo.git
  revision: 6c995078d4c15bdec5356b942d2f164ba8d2853a
  branch: staging
  specs:
    goo (0.0.2)
      addressable (= 2.3.5)
      pry
      rdf (= 1.0.8)
      redis
      rest-client
      rsolr
      sparql-client
      systemu
      uuid

GIT
  remote: git://github.com/ncbo/sparql-client.git
  revision: e6a2d6b4fda4e23d77a70c440f058bd08c801e26
  branch: staging
  specs:
    sparql-client (1.0.4.1)
      json_pure (>= 1.4)
      net-http-persistent (>= 1.4)
      rdf (>= 1.0)

GEM
  remote: https://rubygems.org/
  specs:
    activesupport (4.0.4)
      i18n (~> 0.6, >= 0.6.9)
      minitest (~> 4.2)
      multi_json (~> 1.3)
      thread_safe (~> 0.1)
      tzinfo (~> 0.3.37)
    addressable (2.3.5)
    bcrypt (3.1.7)
    bcrypt (3.1.7-java)
    builder (3.2.2)
    coderay (1.1.0)
    cube-ruby (0.0.3)
    docile (1.1.3)
    email_spec (1.5.0)
      launchy (~> 2.1)
      mail (~> 2.2)
    ffi (1.9.3-java)
    gson (0.6.1-java)
    i18n (0.6.9)
    json_pure (1.8.1)
    launchy (2.4.2)
      addressable (~> 2.3)
    launchy (2.4.2-java)
      addressable (~> 2.3)
      spoon (~> 0.0.1)
    libxml-jruby (1.0.0)
    libxml-ruby (2.7.0)
    macaddr (1.7.1)
      systemu (~> 2.6.2)
    mail (2.5.4)
      mime-types (~> 1.16)
      treetop (~> 1.4.8)
    method_source (0.8.2)
    mime-types (1.25.1)
    minitest (4.7.5)
    multi_json (1.9.2)
    net-http-persistent (2.9.4)
    oj (2.7.3)
    polyglot (0.3.4)
    pony (1.8)
      mail (>= 2.0)
    pry (0.9.12.6)
      coderay (~> 1.0)
      method_source (~> 0.8)
      slop (~> 3.4)
    pry (0.9.12.6-java)
      coderay (~> 1.0)
      method_source (~> 0.8)
      slop (~> 3.4)
      spoon (~> 0.0)
    rack (1.5.2)
    rack-test (0.6.2)
      rack (>= 1.0)
    rake (10.3.1)
    rdf (1.0.8)
      addressable (>= 2.2)
    redis (3.0.7)
    rest-client (1.6.7)
      mime-types (>= 1.16)
    rsolr (1.0.10)
      builder (>= 2.1.2)
    rubyzip (1.1.3)
    simplecov (0.8.2)
      docile (~> 1.1.0)
      multi_json
      simplecov-html (~> 0.8.0)
    simplecov-html (0.8.0)
    slop (3.5.0)
    spoon (0.0.4)
      ffi
    systemu (2.6.4)
    thread_safe (0.3.3)
    thread_safe (0.3.3-java)
    treetop (1.4.15)
      polyglot
      polyglot (>= 0.3.1)
    tzinfo (0.3.39)
    uuid (2.3.7)
      macaddr (~> 1.0)

PLATFORMS
  java
  ruby

DEPENDENCIES
  activesupport (~> 4.0)
  addressable (= 2.3.5)
  bcrypt (~> 3.0)
  cube-ruby
  email_spec
  goo!
  gson
  libxml-jruby
  libxml-ruby (~> 2.0)
  minitest (~> 4.0)
  multi_json (~> 1.0)
  oj (~> 2.0)
  pony
  pry
  rack (~> 1.0)
  rack-test (~> 0.6)
  rake (~> 10.0)
  rsolr (~> 1.0)
  rubyzip (~> 1.0)
  simplecov
  sparql-client!
